PATH
  remote: .
  specs:
    code_teams (1.0.2)
      sorbet-runtime

GEM
  remote: https://rubygems.org/
  specs:
    ast (2.4.3)
    benchmark (0.4.0)
    coderay (1.1.3)
    diff-lcs (1.6.2)
    erubi (1.13.1)
    json (2.12.2)
    language_server-protocol (3.17.0.5)
    lint_roller (1.1.0)
    logger (1.7.0)
    method_source (1.1.0)
    netrc (0.11.0)
    parallel (1.27.0)
    parser (3.3.8.0)
      ast (~> 2.4.1)
      racc
    prism (1.4.0)
    pry (0.15.2)
      coderay (~> 1.1)
      method_source (~> 1.0)
    racc (1.8.1)
    rainbow (3.1.1)
    rake (13.3.0)
    rbi (0.3.3)
      prism (~> 1.0)
      rbs (>= 3.4.4)
      sorbet-runtime (>= 0.5.9204)
    rbs (3.9.4)
      logger
    regexp_parser (2.10.0)
    rexml (3.4.1)
    rspec (3.13.1)
      rspec-core (~> 3.13.0)
      rspec-expectations (~> 3.13.0)
      rspec-mocks (~> 3.13.0)
    rspec-core (3.13.4)
      rspec-support (~> 3.13.0)
    rspec-expectations (3.13.5)
      diff-lcs (>= 1.2.0, < 2.0)
      rspec-support (~> 3.13.0)
    rspec-mocks (3.13.5)
      diff-lcs (>= 1.2.0, < 2.0)
      rspec-support (~> 3.13.0)
    rspec-support (3.13.4)
    rubocop (1.75.8)
      json (~> 2.3)
      language_server-protocol (~> 3.17.0.2)
      lint_roller (~> 1.1.0)
      parallel (~> 1.10)
      parser (>= 3.3.0.2)
      rainbow (>= 2.2.2, < 4.0)
      regexp_parser (>= 2.9.3, < 3.0)
      rubocop-ast (>= 1.44.0, < 2.0)
      ruby-progressbar (~> 1.7)
      unicode-display_width (>= 2.4.0, < 4.0)
    rubocop-ast (1.44.1)
      parser (>= 3.3.7.2)
      prism (~> 1.4)
    rubocop-rake (0.7.1)
      lint_roller (~> 1.1)
      rubocop (>= 1.72.1)
    rubocop-rspec (3.6.0)
      lint_roller (~> 1.1)
      rubocop (~> 1.72, >= 1.72.1)
    ruby-progressbar (1.13.0)
    sorbet (0.5.12134)
      sorbet-static (= 0.5.12134)
    sorbet-runtime (0.5.12134)
    sorbet-static (0.5.12134-universal-darwin)
    sorbet-static-and-runtime (0.5.12134)
      sorbet (= 0.5.12134)
      sorbet-runtime (= 0.5.12134)
    spoom (1.6.3)
      erubi (>= 1.10.0)
      prism (>= 0.28.0)
      rbi (>= 0.3.3)
      rexml (>= 3.2.6)
      sorbet-static-and-runtime (>= 0.5.10187)
      thor (>= 0.19.2)
    tapioca (0.16.11)
      benchmark
      bundler (>= 2.2.25)
      netrc (>= 0.11.0)
      parallel (>= 1.21.0)
      rbi (~> 0.2)
      sorbet-static-and-runtime (>= 0.5.11087)
      spoom (>= 1.2.0)
      thor (>= 1.2.0)
      yard-sorbet
    thor (1.3.2)
    unicode-display_width (3.1.4)
      unicode-emoji (~> 4.0, >= 4.0.4)
    unicode-emoji (4.0.4)
    yard (0.9.37)
    yard-sorbet (0.9.0)
      sorbet-runtime
      yard

PLATFORMS
  universal-darwin
  x86_64-linux

DEPENDENCIES
  code_teams!
  pry
  rake
  rspec (~> 3.0)
  rubocop
  rubocop-rake
  rubocop-rspec
  sorbet
  tapioca

BUNDLED WITH
   2.4.7
